GEM
  remote: http://ruby.taobao.org/
  specs:
    addressable (2.2.6)
    configatron (2.9.0)
      yamler (>= 0.1.0)
    domainatrix (0.0.10)
      addressable
    git (1.2.5)
    jeweler (1.6.4)
      bundler (~> 1.0)
      git (>= 1.2.5)
      rake
    mime-types (1.17.2)
    rake (0.9.2.2)
    rcov (0.9.11)
    rest-client (1.6.7)
      mime-types (>= 1.16)
    shoulda (2.11.3)
    yamler (0.1.0)

PLATFORMS
  ruby

DEPENDENCIES
  bundler (~> 1.0.0)
  configatron
  domainatrix
  jeweler (~> 1.6.4)
  rcov
  rest-client (~> 1.6.7)
  shoulda
